GIT
  remote: git://github.com/ai/r18n.git
  revision: 71e783ad7e1040cbf57cfe2737f2abf19b574d1b
  specs:
    r18n-core (0.4.14)
    r18n-desktop (0.4.14)
      r18n-core (= 0.4.14)

GEM
  remote: http://rubygems.org/
  specs:
    builder (3.0.0)
    cucumber (1.2.1)
      builder (>= 2.1.2)
      diff-lcs (>= 1.1.3)
      gherkin (~> 2.11.0)
      json (>= 1.4.6)
    diff-lcs (1.1.3)
    gherkin (2.11.0)
      json (>= 1.4.6)
    json (1.7.3)
    metaclass (0.0.1)
    mocha (0.11.4)
      metaclass (~> 0.0.1)
    rake (0.9.2.2)
    rspec (2.8.0)
      rspec-core (~> 2.8.0)
      rspec-expectations (~> 2.8.0)
      rspec-mocks (~> 2.8.0)
    rspec-core (2.8.0)
    rspec-expectations (2.8.0)
      diff-lcs (~> 1.1.2)
    rspec-mocks (2.8.0)

PLATFORMS
  ruby

DEPENDENCIES
  cucumber
  mocha
  r18n-desktop!
  rake
  rspec (~> 2.8.0)
